GEM
  remote: https://rubygems.org/
  specs:
    json (2.3.0)
    mini_portile2 (2.4.0)
    nokogiri (1.10.9-x64-mingw32)
      mini_portile2 (~> 2.4.0)
    sqlite3 (1.4.2)
    uri (0.10.0)

PLATFORMS
  x64-mingw32

DEPENDENCIES
  json (~> 2.3)
  nokogiri (~> 1.10)
  sqlite3 (~> 1.4)
  uri (~> 0.10.0)

BUNDLED WITH
   1.17.2
