GEM
  remote: https://rubygems.org/
  specs:
    diff-lcs (1.3)
    json (2.3.0)
    mini_portile2 (2.4.0)
    minitest (5.14.1)
    nokogiri (1.10.9-x64-mingw32)
      mini_portile2 (~> 2.4.0)
    rspec (3.9.0)
      rspec-core (~> 3.9.0)
      rspec-expectations (~> 3.9.0)
      rspec-mocks (~> 3.9.0)
    rspec-core (3.9.2)
      rspec-support (~> 3.9.3)
    rspec-expectations (3.9.2)
      diff-lcs (>= 1.2.0, < 2.0)
      rspec-support (~> 3.9.0)
    rspec-mocks (3.9.1)
      diff-lcs (>= 1.2.0, < 2.0)
      rspec-support (~> 3.9.0)
    rspec-support (3.9.3)
    sqlite3 (1.4.2)
    uri (0.10.0)

PLATFORMS
  x64-mingw32

DEPENDENCIES
  json (~> 2.3)
  minitest (~> 5.14)
  nokogiri (~> 1.10)
  rspec (~> 3.9)
  sqlite3 (~> 1.4)
  uri (~> 0.10.0)

BUNDLED WITH
   1.17.2
